GIT
  remote: https://github.com/trade-tariff/uktt.git
  revision: ed7eaf24e2e392ae2b2b1bb19de37c0e1ee1853e
  specs:
    uktt (2.5.0)
      faraday
      faraday-net_http_persistent
      faraday_middleware
      net-http-persistent

GEM
  remote: https://rubygems.org/
  specs:
    actionpack (7.0.2.2)
      actionview (= 7.0.2.2)
      activesupport (= 7.0.2.2)
      rack (~> 2.0, >= 2.2.0)
      rack-test (>= 0.6.3)
      rails-dom-testing (~> 2.0)
      rails-html-sanitizer (~> 1.0, >= 1.2.0)
    actionview (7.0.2.2)
      activesupport (= 7.0.2.2)
      builder (~> 3.1)
      erubi (~> 1.4)
      rails-dom-testing (~> 2.0)
      rails-html-sanitizer (~> 1.1, >= 1.2.0)
    activemodel (7.0.2.2)
      activesupport (= 7.0.2.2)
    activerecord (7.0.2.2)
      activemodel (= 7.0.2.2)
      activesupport (= 7.0.2.2)
    activesupport (7.0.2.2)
      concurrent-ruby (~> 1.0, >= 1.0.2)
      i18n (>= 1.6, < 2)
      minitest (>= 5.1)
      tzinfo (~> 2.0)
    ast (2.4.2)
    bindex (0.8.1)
    bootsnap (1.10.3)
      msgpack (~> 1.2)
    brakeman (5.2.1)
    builder (3.2.4)
    byebug (11.1.3)
    coderay (1.1.3)
    concurrent-ruby (1.1.9)
    connection_pool (2.2.5)
    crass (1.0.6)
    deep_merge (1.2.2)
    diff-lcs (1.5.0)
    docile (1.4.0)
    dotenv (2.7.6)
    dotenv-rails (2.7.6)
      dotenv (= 2.7.6)
      railties (>= 3.2)
    erubi (1.10.0)
    factory_bot (6.2.0)
      activesupport (>= 5.0.0)
    factory_bot_rails (6.2.0)
      factory_bot (~> 6.2.0)
      railties (>= 5.0.0)
    faraday (1.10.0)
      faraday-em_http (~> 1.0)
      faraday-em_synchrony (~> 1.0)
      faraday-excon (~> 1.1)
      faraday-httpclient (~> 1.0)
      faraday-multipart (~> 1.0)
      faraday-net_http (~> 1.0)
      faraday-net_http_persistent (~> 1.0)
      faraday-patron (~> 1.0)
      faraday-rack (~> 1.0)
      faraday-retry (~> 1.0)
      ruby2_keywords (>= 0.0.4)
    faraday-em_http (1.0.0)
    faraday-em_synchrony (1.0.0)
    faraday-excon (1.1.0)
    faraday-httpclient (1.0.1)
    faraday-multipart (1.0.3)
      multipart-post (>= 1.2, < 3)
    faraday-net_http (1.0.1)
    faraday-net_http_persistent (1.2.0)
    faraday-patron (1.0.0)
    faraday-rack (1.0.0)
    faraday-retry (1.0.3)
    faraday_middleware (1.2.0)
      faraday (~> 1.0)
    ffi (1.15.5)
    foreman (0.87.2)
    govuk_design_system_formbuilder (3.0.2)
      actionview (>= 6.1)
      activemodel (>= 6.1)
      activesupport (>= 6.1)
      deep_merge (~> 1.2.1)
    i18n (1.10.0)
      concurrent-ruby (~> 1.0)
    listen (3.7.1)
      rb-fsevent (~> 0.10, >= 0.10.3)
      rb-inotify (~> 0.9, >= 0.9.10)
    lograge (0.11.2)
      actionpack (>= 4)
      activesupport (>= 4)
      railties (>= 4)
      request_store (~> 1.0)
    logstash-event (1.2.02)
    loofah (2.14.0)
      crass (~> 1.0.2)
      nokogiri (>= 1.5.9)
    method_source (1.0.0)
    mini_portile2 (2.7.1)
    minitest (5.15.0)
    msgpack (1.4.5)
    multipart-post (2.1.1)
    net-http-persistent (4.0.1)
      connection_pool (~> 2.2)
    newrelic_rpm (8.4.0)
    nio4r (2.5.8)
    nokogiri (1.13.1)
      mini_portile2 (~> 2.7.0)
      racc (~> 1.4)
    parallel (1.21.0)
    parser (3.1.0.0)
      ast (~> 2.4.1)
    pry (0.13.1)
      coderay (~> 1.1)
      method_source (~> 1.0)
    pry-byebug (3.9.0)
      byebug (~> 11.0)
      pry (~> 0.13.0)
    pry-rails (0.3.9)
      pry (>= 0.10.4)
    puma (5.6.2)
      nio4r (~> 2.0)
    racc (1.6.0)
    rack (2.2.3)
    rack-proxy (0.7.2)
      rack
    rack-test (1.1.0)
      rack (>= 1.0, < 3)
    rails-controller-testing (1.0.5)
      actionpack (>= 5.0.1.rc1)
      actionview (>= 5.0.1.rc1)
      activesupport (>= 5.0.1.rc1)
    rails-dom-testing (2.0.3)
      activesupport (>= 4.2.0)
      nokogiri (>= 1.6)
    rails-html-sanitizer (1.4.2)
      loofah (~> 2.3)
    railties (7.0.2.2)
      actionpack (= 7.0.2.2)
      activesupport (= 7.0.2.2)
      method_source
      rake (>= 12.2)
      thor (~> 1.0)
      zeitwerk (~> 2.5)
    rainbow (3.1.1)
    rake (13.0.6)
    rb-fsevent (0.11.1)
    rb-inotify (0.10.1)
      ffi (~> 1.0)
    regexp_parser (2.2.1)
    request_store (1.5.1)
      rack (>= 1.4)
    rexml (3.2.5)
    rspec-core (3.11.0)
      rspec-support (~> 3.11.0)
    rspec-expectations (3.11.0)
      diff-lcs (>= 1.2.0, < 2.0)
      rspec-support (~> 3.11.0)
    rspec-mocks (3.11.0)
      diff-lcs (>= 1.2.0, < 2.0)
      rspec-support (~> 3.11.0)
    rspec-rails (5.1.0)
      actionpack (>= 5.2)
      activesupport (>= 5.2)
      railties (>= 5.2)
      rspec-core (~> 3.10)
      rspec-expectations (~> 3.10)
      rspec-mocks (~> 3.10)
      rspec-support (~> 3.10)
    rspec-support (3.11.0)
    rspec_junit_formatter (0.5.1)
      rspec-core (>= 2, < 4, != 2.12.0)
    rubocop (1.25.0)
      parallel (~> 1.10)
      parser (>= 3.1.0.0)
      rainbow (>= 2.2.2, < 4.0)
      regexp_parser (>= 1.8, < 3.0)
      rexml
      rubocop-ast (>= 1.15.1, < 2.0)
      ruby-progressbar (~> 1.7)
      unicode-display_width (>= 1.4.0, < 3.0)
    rubocop-ast (1.15.1)
      parser (>= 3.0.1.1)
    rubocop-govuk (4.3.0)
      rubocop (= 1.25.0)
      rubocop-ast (= 1.15.1)
      rubocop-rails (= 2.13.2)
      rubocop-rake (= 0.6.0)
      rubocop-rspec (= 2.7.0)
    rubocop-rails (2.13.2)
      activesupport (>= 4.2.0)
      rack (>= 1.1)
      rubocop (>= 1.7.0, < 2.0)
    rubocop-rake (0.6.0)
      rubocop (~> 1.0)
    rubocop-rspec (2.7.0)
      rubocop (~> 1.19)
    ruby-progressbar (1.11.0)
    ruby2_keywords (0.0.5)
    sass (3.7.4)
      sass-listen (~> 4.0.0)
    sass-listen (4.0.0)
      rb-fsevent (~> 0.9, >= 0.9.4)
      rb-inotify (~> 0.9, >= 0.9.7)
    scss_lint (0.59.0)
      sass (~> 3.5, >= 3.5.5)
    scss_lint-govuk (0.2.0)
      scss_lint
    semantic_range (3.0.0)
    sentry-rails (5.1.0)
      railties (>= 5.0)
      sentry-ruby-core (~> 5.1.0)
    sentry-ruby-core (5.1.0)
      concurrent-ruby
    shoulda-matchers (5.1.0)
      activesupport (>= 5.2.0)
    simplecov (0.21.2)
      docile (~> 1.1)
      simplecov-html (~> 0.11)
      simplecov_json_formatter (~> 0.1)
    simplecov-html (0.12.3)
    simplecov_json_formatter (0.1.4)
    spring (2.1.1)
    spring-watcher-listen (2.0.1)
      listen (>= 2.7, < 4.0)
      spring (>= 1.2, < 3.0)
    thor (1.2.1)
    tzinfo (2.0.4)
      concurrent-ruby (~> 1.0)
    unicode-display_width (2.1.0)
    web-console (4.2.0)
      actionview (>= 6.0.0)
      activemodel (>= 6.0.0)
      bindex (>= 0.4.0)
      railties (>= 6.0.0)
    webpacker (5.4.3)
      activesupport (>= 5.2)
      rack-proxy (>= 0.6.1)
      railties (>= 5.2)
      semantic_range (>= 2.3.0)
    zeitwerk (2.5.4)

PLATFORMS
  ruby

DEPENDENCIES
  actionpack (~> 7)
  actionview (~> 7)
  activemodel (~> 7)
  activerecord (~> 7)
  activesupport (~> 7)
  bootsnap
  brakeman
  dotenv-rails
  factory_bot_rails
  foreman
  govuk_design_system_formbuilder
  listen
  lograge
  logstash-event
  newrelic_rpm
  pry-byebug
  pry-rails
  puma
  rails-controller-testing
  railties (~> 7)
  rspec-rails
  rspec_junit_formatter
  rubocop-govuk
  scss_lint-govuk
  sentry-rails
  shoulda-matchers
  simplecov
  spring
  spring-watcher-listen
  uktt!
  web-console
  webpacker

RUBY VERSION
   ruby 3.1.0p0

BUNDLED WITH
   2.2.32
